PATH
  remote: .
  specs:
    traffic_jam (1.0.2)
      redis (~> 3.0)

GEM
  remote: https://rubygems.org/
  specs:
    coveralls (0.7.11)
      multi_json (~> 1.10)
      rest-client (>= 1.6.8, < 2)
      simplecov (~> 0.9.1)
      term-ansicolor (~> 1.3)
      thor (~> 0.19.1)
    docile (1.1.5)
    mime-types (2.4.3)
    minitest (5.5.1)
    multi_json (1.10.1)
    netrc (0.10.3)
    rake (10.4.2)
    redis (3.3.3)
    rest-client (1.7.3)
      mime-types (>= 1.16, < 3.0)
      netrc (~> 0.7)
    simplecov (0.9.2)
      docile (~> 1.1.0)
      multi_json (~> 1.0)
      simplecov-html (~> 0.9.0)
    simplecov-html (0.9.0)
    spy (0.4.1)
    term-ansicolor (1.3.0)
      tins (~> 1.0)
    thor (0.19.1)
    timecop (0.7.1)
    tins (1.3.4)

PLATFORMS
  ruby

DEPENDENCIES
  coveralls
  minitest (~> 5.5.1)
  rake (~> 10.0)
  simplecov
  spy (~> 0.4.1)
  timecop (~> 0.7.1)
  traffic_jam!

BUNDLED WITH
   1.15.4
